GIT
  remote: git://github.com/eric/pilfer.git
  revision: b132e1f0f32557a917072d11687f8c63951aaf91
  specs:
    pilfer (0.0.1)

GIT
  remote: git://github.com/tmm1/rblineprof.git
  revision: f68301ac7a3f19280d475f233b6c08bdf8124303
  specs:
    rblineprof (0.3.1)
      debugger-ruby_core_source (~> 1.2)

GEM
  remote: https://rubygems.org/
  specs:
    activesupport (3.2.9)
      i18n (~> 0.6)
      multi_json (~> 1.0)
    aggregate (0.2.2)
    artifice (0.6)
      rack-test
    atomic (1.0.1)
    avl_tree (1.1.3)
    debugger-ruby_core_source (1.2.0)
    diff-lcs (1.1.3)
    faraday (0.8.4)
      multipart-post (~> 1.1)
    hitimes (1.2.0)
    honeybadger (1.3.1)
      activesupport
      json
    i18n (0.6.1)
    json (1.7.5)
    kgio (2.8.0)
    librato-metrics (0.7.3)
      aggregate (~> 0.2.2)
      faraday (~> 0.7)
      multi_json (~> 1.3)
    lock-smith (0.0.9)
    metriks (0.9.9.3)
      atomic (~> 1.0)
      avl_tree (~> 1.1.2)
      hitimes (~> 1.1)
    metriks-middleware (2.0.0)
      metriks (~> 0.9.9)
    multi_json (1.3.6)
    multipart-post (1.1.5)
    pg (0.14.1)
    rack (1.5.2)
    rack-protection (1.2.0)
      rack
    rack-test (0.6.2)
      rack (>= 1.0)
    raindrops (0.10.0)
    rake (0.9.2.2)
    rspec-core (2.11.1)
    rspec-expectations (2.11.3)
      diff-lcs (~> 1.1.3)
    sequel (3.40.0)
    sequel_pg (1.6.0)
      pg (>= 0.8.0)
      sequel (>= 3.39.0)
    sinatra (1.3.3)
      rack (~> 1.3, >= 1.3.6)
      rack-protection (~> 1.2)
      tilt (~> 1.3, >= 1.3.3)
    tilt (1.3.3)
    unicorn (4.6.0)
      kgio (~> 2.6)
      rack
      raindrops (~> 0.7)

PLATFORMS
  ruby

DEPENDENCIES
  artifice
  honeybadger
  librato-metrics
  lock-smith
  metriks
  metriks-middleware
  pg
  pilfer!
  rack-test
  rake
  rblineprof!
  rspec-core
  rspec-expectations
  sequel
  sequel_pg
  sinatra
  unicorn
